PATH
  remote: .
  specs:
    crashlog-faraday-auth-hmac (0.0.1)
      crashlog-auth-hmac (~> 1.1.2)
      faraday (>= 0.7.2)

GEM
  remote: https://rubygems.org/
  specs:
    crashlog-auth-hmac (1.1.2)
    faraday (0.8.1)
      multipart-post (~> 1.1)
    multipart-post (1.1.5)

PLATFORMS
  ruby

DEPENDENCIES
  crashlog-faraday-auth-hmac!
